GIT
  remote: git://github.com/ahawkins/barcelona.git
  revision: f12817949b86fc7c009007d1a3f502cb6e5e0dcc
  specs:
    barcelona (0.1.0)
      http_router
      rack
      tnt

GEM
  remote: https://rubygems.org/
  specs:
    abstract_type (0.0.7)
    adamantium (0.2.0)
      ice_nine (~> 0.11.0)
      memoizable (~> 0.4.0)
    anima (0.2.0)
      abstract_type (~> 0.0.7)
      adamantium (~> 0.1)
      equalizer (~> 0.0.8)
    builder (3.2.2)
    capybara (2.4.4)
      mime-types (>= 1.16)
      nokogiri (>= 1.3.3)
      rack (>= 1.0.0)
      rack-test (>= 0.5.4)
      xpath (~> 2.0)
    concord (0.1.5)
      adamantium (~> 0.2.0)
      equalizer (~> 0.0.9)
    cucumber (2.0.0)
      builder (>= 2.1.2)
      cucumber-core (~> 1.1.3)
      diff-lcs (>= 1.1.3)
      gherkin (~> 2.12)
      multi_json (>= 1.7.5, < 2.0)
      multi_test (>= 0.1.2)
    cucumber-core (1.1.3)
      gherkin (~> 2.12.0)
    diff-lcs (1.2.5)
    equalizer (0.0.11)
    gherkin (2.12.2)
      multi_json (~> 1.3)
    http_router (0.11.1)
      rack (>= 1.0.0)
      url_mount (~> 0.2.1)
    ice_nine (0.11.1)
    inflecto (0.0.2)
    kramdown (1.7.0)
    lift (0.1.0)
    memoizable (0.4.2)
      thread_safe (~> 0.3, >= 0.3.1)
    mime-types (2.4.3)
    mini_portile (0.6.2)
    minitest (5.6.0)
    multi_json (1.11.0)
    multi_test (0.1.2)
    mustache (1.0.1)
    nokogiri (1.6.6.2)
      mini_portile (~> 0.6.0)
    puma (2.11.1)
      rack (>= 1.1, < 2.0)
    rack (1.6.0)
    rack-test (0.6.3)
      rack (>= 1.0)
    rom (0.6.2)
      equalizer (~> 0.0, >= 0.0.9)
      transproc (~> 0.2, >= 0.2.0)
    shotgun (0.9.1)
      rack (>= 1.0)
    thread_safe (0.3.5)
    tnt (0.1.0)
    transproc (0.2.0)
    url_mount (0.2.1)
      rack
    xpath (2.0.0)
      nokogiri (~> 1.3)

PLATFORMS
  ruby

DEPENDENCIES
  anima (~> 0.2.0)
  barcelona!
  capybara (~> 2.4.4)
  concord (~> 0.1.5)
  cucumber (~> 2.0.0)
  inflecto (~> 0.0.2)
  kramdown (~> 1.7.0)
  lift (~> 0.1.0)
  minitest (~> 5.6.0)
  mustache (~> 1.0.1)
  puma (~> 2.11.1)
  rack-test (~> 0.6.3)
  rom (~> 0.6.2)
  shotgun (~> 0.9.1)
